GEM
  remote: http://rubygems.org/
  specs:
    activerecord (2.3.8)
      activesupport (= 2.3.8)
    activesupport (2.3.8)
    bcrypt-ruby (2.1.2)
    chunky_png (0.11.0)
    extlib (0.9.15)
    i18n (0.4.2)
    json (1.4.6)
    less (1.2.21)
      mutter (>= 0.4.2)
      treetop (>= 1.4.2)
    little-plugger (1.1.2)
    logging (1.4.3)
      little-plugger (>= 1.1.2)
    mail (2.2.9)
      activesupport (>= 2.3.6)
      i18n (~> 0.4.1)
      mime-types (~> 1.16)
      treetop (~> 1.4.8)
    mime-types (1.16)
    mutter (0.5.3)
    nokogiri (1.4.3.1)
    patron (0.4.9)
    polyglot (0.3.1)
    pony (1.1)
      mail (> 2.0)
    rack (1.2.1)
    rack-flash (0.1.1)
      rack
    sinatra (1.1.0)
      rack (~> 1.1)
      tilt (~> 1.1)
    sinatra-activerecord (0.1.2)
      sinatra (>= 0.9.4)
    tilt (1.1)
    treetop (1.4.8)
      polyglot (>= 0.3.1)
    warden (1.0.1)
      rack (>= 1.0.0)

PLATFORMS
  ruby

DEPENDENCIES
  activerecord (= 2.3.8)
  bcrypt-ruby
  chunky_png
  extlib
  json
  less
  logging
  nokogiri
  patron
  pony
  rack-flash
  sinatra
  sinatra-activerecord
  warden
